GIT
  remote: https://github.com/imimap/axlsx_rails.git
  revision: f391bef4d9cdcb07459bb79311e322dddcfb963f
  tag: 0.5.2_rails6_patch
  specs:
    axlsx_rails (0.5.2)
      actionpack (>= 3.1)
      axlsx (>= 2.0.1)

GIT
  remote: https://github.com/imimap/ruby-net-ldap
  revision: dd87f0ff3134edfec44b569c69855310545fcbea
  tag: v0.16.2.deprecation.removed
  specs:
    net-ldap (0.16.2)

GIT
  remote: https://github.com/randym/axlsx.git
  revision: c8ac844572b25fda358cc01d2104720c4c42f450
  ref: c8ac844
  specs:
    axlsx (2.1.0.pre)
      htmlentities (~> 4.3.4)
      mimemagic (~> 0.3)
      nokogiri (>= 1.6.6)
      rubyzip (>= 1.2.1)

GEM
  remote: https://rubygems.org/
  specs:
    Ascii85 (1.0.3)
    actioncable (6.0.3.3)
      actionpack (= 6.0.3.3)
      nio4r (~> 2.0)
      websocket-driver (>= 0.6.1)
    actionmailbox (6.0.3.3)
      actionpack (= 6.0.3.3)
      activejob (= 6.0.3.3)
      activerecord (= 6.0.3.3)
      activestorage (= 6.0.3.3)
      activesupport (= 6.0.3.3)
      mail (>= 2.7.1)
    actionmailer (6.0.3.3)
      actionpack (= 6.0.3.3)
      actionview (= 6.0.3.3)
      activejob (= 6.0.3.3)
      mail (~> 2.5, >= 2.5.4)
      rails-dom-testing (~> 2.0)
    actionpack (6.0.3.3)
      actionview (= 6.0.3.3)
      activesupport (= 6.0.3.3)
      rack (~> 2.0, >= 2.0.8)
      rack-test (>= 0.6.3)
      rails-dom-testing (~> 2.0)
      rails-html-sanitizer (~> 1.0, >= 1.2.0)
    actiontext (6.0.3.3)
      actionpack (= 6.0.3.3)
      activerecord (= 6.0.3.3)
      activestorage (= 6.0.3.3)
      activesupport (= 6.0.3.3)
      nokogiri (>= 1.8.5)
    actionview (6.0.3.3)
      activesupport (= 6.0.3.3)
      builder (~> 3.1)
      erubi (~> 1.4)
      rails-dom-testing (~> 2.0)
      rails-html-sanitizer (~> 1.1, >= 1.2.0)
    activeadmin (2.7.0)
      arbre (~> 1.2, >= 1.2.1)
      formtastic (~> 3.1)
      formtastic_i18n (~> 0.4)
      inherited_resources (~> 1.7)
      jquery-rails (~> 4.2)
      kaminari (~> 1.0, >= 1.0.1)
      railties (>= 5.2, < 6.1)
      ransack (~> 2.1, >= 2.1.1)
      sassc-rails (~> 2.1)
      sprockets (>= 3.0, < 4.1)
    activejob (6.0.3.3)
      activesupport (= 6.0.3.3)
      globalid (>= 0.3.6)
    activemodel (6.0.3.3)
      activesupport (= 6.0.3.3)
    activerecord (6.0.3.3)
      activemodel (= 6.0.3.3)
      activesupport (= 6.0.3.3)
    activestorage (6.0.3.3)
      actionpack (= 6.0.3.3)
      activejob (= 6.0.3.3)
      activerecord (= 6.0.3.3)
      marcel (~> 0.3.1)
    activesupport (6.0.3.3)
      concurrent-ruby (~> 1.0, >= 1.0.2)
      i18n (>= 0.7, < 2)
      minitest (~> 5.1)
      tzinfo (~> 1.1)
      zeitwerk (~> 2.2, >= 2.2.2)
    addressable (2.7.0)
      public_suffix (>= 2.0.2, < 5.0)
    afm (0.2.2)
    airbrussh (1.4.0)
      sshkit (>= 1.6.1, != 1.7.0)
    arbre (1.2.1)
      activesupport (>= 3.0.0)
    ast (2.4.1)
    autoprefixer-rails (9.8.6.1)
      execjs
    bcrypt (3.1.15)
    better_errors (2.7.1)
      coderay (>= 1.0.0)
      erubi (>= 1.0.0)
      rack (>= 0.9.0)
    binding_of_caller (0.8.0)
      debug_inspector (>= 0.0.1)
    bootsnap (1.4.7)
      msgpack (~> 1.0)
    bootstrap (4.5.0)
      autoprefixer-rails (>= 9.1.0)
      popper_js (>= 1.14.3, < 2)
      sassc-rails (>= 2.0.0)
    bootstrap-datepicker-rails (1.9.0.1)
      railties (>= 3.0)
    bootstrap_form (4.5.0)
      actionpack (>= 5.2)
      activemodel (>= 5.2)
    brakeman (4.8.2)
    builder (3.2.4)
    byebug (11.1.3)
    cancancan (3.1.0)
    capistrano (3.14.1)
      airbrussh (>= 1.0.0)
      i18n
      rake (>= 10.0.0)
      sshkit (>= 1.9.0)
    capybara (3.33.0)
      addressable
      mini_mime (>= 0.1.3)
      nokogiri (~> 1.8)
      rack (>= 1.6.0)
      rack-test (>= 0.6.3)
      regexp_parser (~> 1.5)
      xpath (~> 3.2)
    carrierwave (2.1.0)
      activemodel (>= 5.0.0)
      activesupport (>= 5.0.0)
      addressable (~> 2.6)
      image_processing (~> 1.1)
      mimemagic (>= 0.3.0)
      mini_mime (>= 0.1.3)
    climate_control (0.2.0)
    cliver (0.3.2)
    coderay (1.1.3)
    coffee-rails (5.0.0)
      coffee-script (>= 2.2.0)
      railties (>= 5.2.0)
    coffee-script (2.4.1)
      coffee-script-source
      execjs
    coffee-script-source (1.12.2)
    concurrent-ruby (1.1.7)
    countries (3.0.1)
      i18n_data (~> 0.10.0)
      sixarm_ruby_unaccent (~> 1.1)
      unicode_utils (~> 1.4)
    country_select (4.0.0)
      countries (~> 3.0)
      sort_alphabetical (~> 1.0)
    crass (1.0.6)
    d3-rails (5.9.2)
      railties (>= 3.1)
    database_cleaner (1.8.5)
    debug_inspector (0.0.3)
    devise (4.7.2)
      bcrypt (~> 3.0)
      orm_adapter (~> 0.1)
      railties (>= 4.1.0)
      responders
      warden (~> 1.2.3)
    diff-lcs (1.4.4)
    docile (1.3.2)
    erubi (1.9.0)
    execjs (2.7.0)
    factory_bot (6.1.0)
      activesupport (>= 5.0.0)
    factory_bot_rails (6.1.0)
      factory_bot (~> 6.1.0)
      railties (>= 5.0.0)
    faker (2.13.0)
      i18n (>= 1.6, < 2)
    ffi (1.13.1)
    font-awesome-sass-rails (3.0.2.2)
      railties (>= 3.1.1)
      sass-rails (>= 3.1.1)
    formtastic (3.1.5)
      actionpack (>= 3.2.13)
    formtastic_i18n (0.6.0)
    geocoder (1.6.3)
    globalid (0.4.2)
      activesupport (>= 4.2.0)
    has_scope (0.7.2)
      actionpack (>= 4.1)
      activesupport (>= 4.1)
    hashery (2.1.2)
    htmlentities (4.3.4)
    i18n (1.8.5)
      concurrent-ruby (~> 1.0)
    i18n_data (0.10.0)
    image_processing (1.11.0)
      mini_magick (>= 4.9.5, < 5)
      ruby-vips (>= 2.0.17, < 3)
    inherited_resources (1.11.0)
      actionpack (>= 5.0, < 6.1)
      has_scope (~> 0.6)
      railties (>= 5.0, < 6.1)
      responders (>= 2, < 4)
    jquery-rails (4.4.0)
      rails-dom-testing (>= 1, < 3)
      railties (>= 4.2.0)
      thor (>= 0.14, < 2.0)
    jquery-ui-rails (6.0.1)
      railties (>= 3.2.16)
    kaminari (1.2.1)
      activesupport (>= 4.1.0)
      kaminari-actionview (= 1.2.1)
      kaminari-activerecord (= 1.2.1)
      kaminari-core (= 1.2.1)
    kaminari-actionview (1.2.1)
      actionview
      kaminari-core (= 1.2.1)
    kaminari-activerecord (1.2.1)
      activerecord
      kaminari-core (= 1.2.1)
    kaminari-core (1.2.1)
    kgio (2.11.3)
    launchy (2.5.0)
      addressable (~> 2.7)
    listen (3.2.1)
      rb-fsevent (~> 0.10, >= 0.10.3)
      rb-inotify (~> 0.9, >= 0.9.10)
    loofah (2.7.0)
      crass (~> 1.0.2)
      nokogiri (>= 1.5.9)
    mail (2.7.1)
      mini_mime (>= 0.1.1)
    marcel (0.3.3)
      mimemagic (~> 0.3.2)
    method_source (1.0.0)
    mime-types (3.3.1)
      mime-types-data (~> 3.2015)
    mime-types-data (3.2020.0512)
    mimemagic (0.3.5)
    mini_magick (4.10.1)
    mini_mime (1.0.2)
    mini_portile2 (2.4.0)
    minitest (5.14.2)
    msgpack (1.3.3)
    nested_form (0.3.2)
    net-scp (3.0.0)
      net-ssh (>= 2.6.5, < 7.0.0)
    net-ssh (6.1.0)
    nio4r (2.5.4)
    nokogiri (1.10.10)
      mini_portile2 (~> 2.4.0)
    orm_adapter (0.5.0)
    paperclip (5.3.0)
      activemodel (>= 4.2.0)
      activesupport (>= 4.2.0)
      mime-types
      mimemagic (~> 0.3.0)
      terrapin (~> 0.6.0)
    parallel (1.19.2)
    parser (2.7.1.4)
      ast (~> 2.4.1)
    pdf-core (0.7.0)
    pdf-reader (2.4.0)
      Ascii85 (~> 1.0.0)
      afm (~> 0.2.1)
      hashery (~> 2.0)
      ruby-rc4
      ttfunk
    pg (1.2.3)
    poltergeist (1.18.1)
      capybara (>= 2.1, < 4)
      cliver (~> 0.3.1)
      websocket-driver (>= 0.2.0)
    polyamorous (2.3.2)
      activerecord (>= 5.2.1)
    popper_js (1.16.0)
    prawn (2.2.2)
      pdf-core (~> 0.7.0)
      ttfunk (~> 1.5)
    prawn-table (0.2.2)
      prawn (>= 1.3.0, < 3.0.0)
    public_suffix (4.0.5)
    rack (2.2.3)
    rack-test (1.1.0)
      rack (>= 1.0, < 3)
    railroady (1.5.3)
    rails (6.0.3.3)
      actioncable (= 6.0.3.3)
      actionmailbox (= 6.0.3.3)
      actionmailer (= 6.0.3.3)
      actionpack (= 6.0.3.3)
      actiontext (= 6.0.3.3)
      actionview (= 6.0.3.3)
      activejob (= 6.0.3.3)
      activemodel (= 6.0.3.3)
      activerecord (= 6.0.3.3)
      activestorage (= 6.0.3.3)
      activesupport (= 6.0.3.3)
      bundler (>= 1.3.0)
      railties (= 6.0.3.3)
      sprockets-rails (>= 2.0.0)
    rails-controller-testing (1.0.5)
      actionpack (>= 5.0.1.rc1)
      actionview (>= 5.0.1.rc1)
      activesupport (>= 5.0.1.rc1)
    rails-dom-testing (2.0.3)
      activesupport (>= 4.2.0)
      nokogiri (>= 1.6)
    rails-html-sanitizer (1.3.0)
      loofah (~> 2.3)
    railties (6.0.3.3)
      actionpack (= 6.0.3.3)
      activesupport (= 6.0.3.3)
      method_source
      rake (>= 0.8.7)
      thor (>= 0.20.3, < 2.0)
    rainbow (3.0.0)
    raindrops (0.19.1)
    rake (13.0.1)
    ransack (2.3.2)
      activerecord (>= 5.2.1)
      activesupport (>= 5.2.1)
      i18n
      polyamorous (= 2.3.2)
    rb-fsevent (0.10.4)
    rb-inotify (0.10.1)
      ffi (~> 1.0)
    regexp_parser (1.7.1)
    responders (3.0.1)
      actionpack (>= 5.0)
      railties (>= 5.0)
    rexml (3.2.4)
    rspec-core (3.9.2)
      rspec-support (~> 3.9.3)
    rspec-expectations (3.9.2)
      diff-lcs (>= 1.2.0, < 2.0)
      rspec-support (~> 3.9.0)
    rspec-mocks (3.9.1)
      diff-lcs (>= 1.2.0, < 2.0)
      rspec-support (~> 3.9.0)
    rspec-rails (3.9.1)
      actionpack (>= 3.0)
      activesupport (>= 3.0)
      railties (>= 3.0)
      rspec-core (~> 3.9.0)
      rspec-expectations (~> 3.9.0)
      rspec-mocks (~> 3.9.0)
      rspec-support (~> 3.9.0)
    rspec-support (3.9.3)
    rubocop (0.88.0)
      parallel (~> 1.10)
      parser (>= 2.7.1.1)
      rainbow (>= 2.2.2, < 4.0)
      regexp_parser (>= 1.7)
      rexml
      rubocop-ast (>= 0.1.0, < 1.0)
      ruby-progressbar (~> 1.7)
      unicode-display_width (>= 1.4.0, < 2.0)
    rubocop-ast (0.2.0)
      parser (>= 2.7.0.1)
    rubocop-rspec (1.42.0)
      rubocop (>= 0.87.0)
    ruby-progressbar (1.10.1)
    ruby-rc4 (0.1.5)
    ruby-vips (2.0.17)
      ffi (~> 1.9)
    rubyzip (2.3.0)
    sass-rails (6.0.0)
      sassc-rails (~> 2.1, >= 2.1.1)
    sassc (2.4.0)
      ffi (~> 1.9)
    sassc-rails (2.1.2)
      railties (>= 4.0.0)
      sassc (>= 2.0)
      sprockets (> 3.0)
      sprockets-rails
      tilt
    simplecov (0.18.5)
      docile (~> 1.1)
      simplecov-html (~> 0.11)
    simplecov-html (0.12.2)
    sixarm_ruby_unaccent (1.2.0)
    sort_alphabetical (1.1.0)
      unicode_utils (>= 1.2.2)
    spring (2.1.0)
    sprockets (4.0.2)
      concurrent-ruby (~> 1.0)
      rack (> 1, < 3)
    sprockets-rails (3.2.2)
      actionpack (>= 4.0)
      activesupport (>= 4.0)
      sprockets (>= 3.0.0)
    sqlite3 (1.4.2)
    sshkit (1.21.0)
      net-scp (>= 1.1.2)
      net-ssh (>= 2.8.0)
    terrapin (0.6.0)
      climate_control (>= 0.0.3, < 1.0)
    thor (1.0.1)
    thread_safe (0.3.6)
    tilt (2.0.10)
    ttfunk (1.6.2.1)
    tzinfo (1.2.7)
      thread_safe (~> 0.1)
    tzinfo-data (1.2020.1)
      tzinfo (>= 1.0.0)
    uglifier (4.2.0)
      execjs (>= 0.3.0, < 3)
    unicode-display_width (1.7.0)
    unicode_utils (1.4.0)
    unicorn (5.6.0)
      kgio (~> 2.6)
      raindrops (~> 0.7)
    warden (1.2.8)
      rack (>= 2.0.6)
    websocket-driver (0.7.3)
      websocket-extensions (>= 0.1.0)
    websocket-extensions (0.1.5)
    xpath (3.2.0)
      nokogiri (~> 1.8)
    zeitwerk (2.4.0)

PLATFORMS
  ruby

DEPENDENCIES
  activeadmin (~> 2.2)
  axlsx!
  axlsx_rails!
  bcrypt (~> 3)
  better_errors
  binding_of_caller
  bootsnap
  bootstrap (>= 4.3.1)
  bootstrap-datepicker-rails
  bootstrap_form (>= 4.0.0)
  brakeman
  byebug
  cancancan (~> 3.0)
  capistrano
  capybara
  carrierwave
  coffee-rails
  country_select
  d3-rails
  database_cleaner
  devise (>= 4.7.1)
  factory_bot_rails (>= 5.1)
  faker
  font-awesome-sass-rails
  formtastic (~> 3)
  geocoder
  jquery-rails
  jquery-ui-rails
  kaminari
  launchy
  listen
  mini_magick
  nested_form
  net-ldap!
  paperclip (~> 5.2)
  pdf-reader
  pg
  poltergeist
  prawn
  prawn-table
  railroady
  rails (~> 6.0.3)
  rails-controller-testing
  rspec-mocks
  rspec-rails (~> 3)
  rubocop
  rubocop-rspec
  sass-rails
  simplecov
  spring
  sqlite3 (~> 1.4)
  tzinfo-data
  uglifier (>= 1.0.3)
  unicorn

BUNDLED WITH
   1.17.3
